GEM
  remote: https://rubygems.org/
  specs:
    aws-sdk (2.11.155)
      aws-sdk-resources (= 2.11.155)
    aws-sdk-core (2.11.155)
      aws-sigv4 (~> 1.0)
      jmespath (~> 1.0)
    aws-sdk-resources (2.11.155)
      aws-sdk-core (= 2.11.155)
    aws-sdk-v1 (1.67.0)
      json (~> 1.4)
      nokogiri (~> 1)
    aws-sigv4 (1.0.3)
    bukelatta (0.1.8)
      aws-sdk (>= 2.3.0)
      diffy
      hashie
      multi_xml
      parallel
      term-ansicolor
    cfdef (0.1.8)
      aws-sdk (>= 2.3.0)
      diffy
      dslh (>= 0.3.6)
      parallel
      term-ansicolor
    coderay (1.1.2)
    diff-lcs (1.3)
    diffy (3.2.1)
    dslh (0.4.11)
    eipmap (0.1.5)
      aws-sdk (>= 2.1)
      term-ansicolor
    hash_modern_inspect (0.1.1)
    hashie (3.6.0)
    highline (2.0.0)
    jmespath (1.4.0)
    json (1.8.6)
    kelbim (0.3.1)
      aws-sdk-v1 (>= 1.59.0)
      diffy
      hashie
      json
      rspec
      term-ansicolor
      uuid
    kumogata2 (0.1.16)
      aws-sdk (>= 2.3.0)
      coderay
      diffy
      hashie
      highline
      term-ansicolor
    macaddr (1.7.1)
      systemu (~> 2.6.2)
    mappru (0.1.8)
      aws-sdk (~> 2)
      diffy
      hash_modern_inspect
      hashie
      parallel
      term-ansicolor
    meteorlog (0.1.0)
      aws-sdk-core (~> 2.0)
      json
      term-ansicolor
    miam (0.2.4.beta16)
      aws-sdk-core (>= 2.0.42, < 3)
      diffy
      hashie
      parallel
      ruby-progressbar
      term-ansicolor
    mini_portile2 (2.3.0)
    monosasi (0.1.3.beta4)
      aws-sdk (>= 2.11.118)
      diffy
      hashie
      parallel
      pp_sort_hash
      term-ansicolor
    multi_xml (0.6.0)
    net-dns2 (0.8.7)
      packetfu
    nokogiri (1.8.5)
      mini_portile2 (~> 2.3.0)
    packetfu (1.1.13)
      pcaprub
    parallel (1.12.1)
    pcaprub (0.13.0)
    piculet (0.2.9)
      aws-sdk-v1 (>= 1.48.0)
      diffy
      hashie
      term-ansicolor (>= 1.2.2)
    pp_sort_hash (0.1.0)
    radiosonde (0.2.0.beta2)
      aws-sdk-core (>= 2.1.0)
      diffy
      hashie
      json
      term-ansicolor
    repol (0.1.3)
      aws-sdk (>= 2.3.0)
      diffy
      hashie
      parallel
      term-ansicolor
    roadworker (0.5.9.beta6)
      aws-sdk (~> 2.2)
      diffy
      hashie
      net-dns2 (~> 0.8.6)
      systemu
      term-ansicolor
      uuid
    rspec (3.8.0)
      rspec-core (~> 3.8.0)
      rspec-expectations (~> 3.8.0)
      rspec-mocks (~> 3.8.0)
    rspec-core (3.8.0)
      rspec-support (~> 3.8.0)
    rspec-expectations (3.8.2)
      diff-lcs (>= 1.2.0, < 2.0)
      rspec-support (~> 3.8.0)
    rspec-mocks (3.8.0)
      diff-lcs (>= 1.2.0, < 2.0)
      rspec-support (~> 3.8.0)
    rspec-support (3.8.0)
    ruby-progressbar (1.10.0)
    systemu (2.6.5)
    term-ansicolor (1.6.0)
      tins (~> 1.0)
    tins (1.17.0)
    uuid (2.3.9)
      macaddr (~> 1.0)

PLATFORMS
  ruby

DEPENDENCIES
  bukelatta (= 0.1.8)
  cfdef (= 0.1.8)
  eipmap (= 0.1.5)
  kelbim (= 0.3.1)
  kumogata2 (= 0.1.16)
  mappru (= 0.1.8)
  meteorlog (= 0.1.0)
  miam (= 0.2.4.beta16)
  monosasi (= 0.1.3.beta4)
  piculet (= 0.2.9)
  radiosonde (= 0.2.0.beta2)
  repol (= 0.1.3)
  roadworker (= 0.5.9.beta6)

BUNDLED WITH
   1.16.4
